GEM
  remote: https://rubygems.org/
  specs:
    colorize (0.8.1)
    commander (4.4.3)
      highline (~> 1.7.2)
    highline (1.7.8)

PLATFORMS
  ruby

DEPENDENCIES
  colorize (~> 0.8)
  commander (~> 4.4)

BUNDLED WITH
   1.15.3
